GEM
  specs:
    cairo (1.10.0)
      pkg-config
    pkg-config (1.1.1)

PLATFORMS
  ruby

DEPENDENCIES
  cairo
